GEM
  remote: https://rubygems.org/
  specs:
    awesome_print (1.7.0)
    colorize (0.7.7)
    mini_portile2 (2.1.0)
    nokogiri (1.6.8)
      mini_portile2 (~> 2.1.0)
      pkg-config (~> 1.1.7)
    pkg-config (1.1.7)
    rubyzip (1.2.0)
    sqlite3 (1.3.11)

PLATFORMS
  ruby

DEPENDENCIES
  awesome_print
  colorize
  nokogiri
  rubyzip
  sqlite3

BUNDLED WITH
   1.12.5
